GEM
  remote: http://rubygems.org/
  specs:
    actionmailer (2.3.5)
      actionpack (= 2.3.5)
    actionpack (2.3.5)
      activesupport (= 2.3.5)
      rack (~> 1.0.0)
    activerecord (2.3.5)
      activesupport (= 2.3.5)
    activeresource (2.3.5)
      activesupport (= 2.3.5)
    activesupport (2.3.5)
    acts-as-taggable-on (2.0.6)
    authlogic (2.1.3)
      activesupport
    awesome_nested_set (1.4.3)
      activerecord (>= 1.1)
    aws-s3 (0.6.2)
      builder
      mime-types
      xml-simple
    babelphish (0.2.8)
      json
      ya2yaml
    babosa (0.2.0)
    bcrypt-ruby (2.1.2)
    builder (2.1.2)
    columnize (0.3.1)
    crack (0.1.6)
    factory_girl (1.3.2)
    fleakr (0.6.3)
      activesupport (>= 2.0)
      hpricot (>= 0.6.164)
      loggable (>= 0.2.0)
    friendly_id (3.1.3)
      babosa (>= 0.1.0)
    git (1.2.5)
    hpricot (0.8.2)
    httparty (0.5.2)
      crack (= 0.1.6)
    json (1.4.6)
    linecache (0.43)
    loggable (0.3.0)
    mime-types (1.16)
    muck-activities (0.1.27)
      muck-comments
      muck-engine
      muck-users
    muck-comments (0.1.21)
      awesome_nested_set
      muck-engine
      muck-users
      sanitize
    muck-engine (0.4.31)
      git
      overlord
      validation_reflection
      will_paginate
    muck-solr (0.4.7)
    muck-users (0.3.20)
      authlogic
      bcrypt-ruby
      friendly_id
      muck-engine
      searchlogic
    mysql (2.8.1)
    nokogiri (1.4.3.1)
    overlord (0.1.22)
      httparty
    paperclip (2.3.3)
      activerecord
      activesupport
    rack (1.0.1)
    rails (2.3.5)
      actionmailer (= 2.3.5)
      actionpack (= 2.3.5)
      activerecord (= 2.3.5)
      activeresource (= 2.3.5)
      activesupport (= 2.3.5)
      rake (>= 0.8.3)
    rake (0.8.7)
    ruby-debug (0.10.3)
      columnize (>= 0.1)
      ruby-debug-base (~> 0.10.3.0)
    ruby-debug-base (0.10.3)
      linecache (>= 0.3)
    sanitize (1.2.1)
      nokogiri (~> 1.4.1)
    searchlogic (2.4.19)
      activerecord (>= 2.0.0)
    shoulda (2.11.3)
    tiny_mce (0.1.4)
    uploader (2.0.2)
      aws-s3
      mime-types
      paperclip
      rack
    validation_reflection (0.3.8)
    will_paginate (2.3.14)
    xml-simple (1.0.12)
    ya2yaml (0.30)

PLATFORMS
  ruby

DEPENDENCIES
  acts-as-taggable-on
  authlogic
  awesome_nested_set
  babelphish
  bcrypt-ruby (>= 2.0.5)
  factory_girl
  fleakr
  friendly_id
  muck-activities
  muck-comments
  muck-engine
  muck-solr
  muck-users
  mysql
  overlord
  paperclip
  rails (= 2.3.5)
  ruby-debug (>= 0.10.3)
  sanitize
  searchlogic
  shoulda
  tiny_mce
  uploader
  will_paginate
